PATH
  remote: .
  specs:
    urban_pass (0.2.2)
      clipboard (~> 1.0)
      nokogiri (~> 1.6)
      thor
      urban_cli

GEM
  remote: https://rubygems.org/
  specs:
    clipboard (1.0.5)
    mini_portile (0.6.2)
    minitest (5.5.1)
    nokogiri (1.6.6.2)
      mini_portile (~> 0.6.0)
    rake (10.4.2)
    thor (0.19.1)
    urban_cli (1.1.0)
      nokogiri (~> 1.6.5)

PLATFORMS
  ruby

DEPENDENCIES
  bundler (~> 1.7)
  minitest
  rake (~> 10.0)
  urban_pass!
